GEM
  remote: http://rubygems.org/
  specs:
    bson (1.8.2)
    log4r (1.1.10)
    mongo (1.8.2)
      bson (~> 1.8.2)
    tiny_tds (0.5.1)

PLATFORMS
  ruby

DEPENDENCIES
  log4r
  mongo
  tiny_tds
